PATH
  remote: .
  specs:
    device_detector_regexes (0.1.4)
      device_detector

GEM
  remote: https://rubygems.org/
  specs:
    device_detector (1.0.3)
    rake (12.3.3)

PLATFORMS
  ruby

DEPENDENCIES
  device_detector_regexes!
  rake (~> 12.0)

BUNDLED WITH
   1.17.2
