PATH
  remote: .
  specs:
    device_detector_regexes (0.1.1)
      device_detector
      dry-configurable
      rake

GEM
  remote: https://rubygems.org/
  specs:
    concurrent-ruby (1.1.6)
    device_detector (1.0.3)
    dry-configurable (0.11.3)
      concurrent-ruby (~> 1.0)
      dry-core (~> 0.4, >= 0.4.7)
      dry-equalizer (~> 0.2)
    dry-core (0.4.9)
      concurrent-ruby (~> 1.0)
    dry-equalizer (0.3.0)
    rake (12.3.3)

PLATFORMS
  ruby

DEPENDENCIES
  device_detector_regexes!
  rake (~> 12.0)

BUNDLED WITH
   1.17.2
